GEM
  remote: http://rubygems.org/
  specs:
    json (2.3.0)
    json (2.3.0-java)
    json_pure (2.3.0)
    rake (13.0.1)
    rdoc (6.2.1)
    rr (1.2.1)

PLATFORMS
  java
  ruby

DEPENDENCIES
  json
  json_pure
  rake
  rdoc
  rr

BUNDLED WITH
   2.1.4
